PATH
  remote: .
  specs:
    shrine-blurhash (0.2.1)
      blurhash (~> 0.1.8)
      shrine (~> 3.0)

GEM
  remote: https://rubygems.org/
  specs:
    addressable (2.8.7)
      public_suffix (>= 2.0.2, < 7.0)
    blurhash (0.1.8)
    content_disposition (1.0.0)
    down (5.4.2)
      addressable (~> 2.8)
    ffi (1.15.5)
    minitest (5.15.0)
    public_suffix (6.0.1)
    rake (13.0.6)
    ruby-vips (2.1.4)
      ffi (~> 1.12)
    shrine (3.6.0)
      content_disposition (~> 1.0)
      down (~> 5.1)

PLATFORMS
  ruby

DEPENDENCIES
  minitest
  rake
  ruby-vips
  shrine-blurhash!

BUNDLED WITH
   2.3.7
