PATH
  remote: .
  specs:
    shrine-blurhash (0.0.1)
      blurhash (~> 0.1.4)
      shrine (~> 3.0)

GEM
  remote: https://rubygems.org/
  specs:
    addressable (2.8.0)
      public_suffix (>= 2.0.2, < 5.0)
    blurhash (0.1.4)
      ffi (~> 1.10.0)
    content_disposition (1.0.0)
    down (5.1.1)
      addressable (~> 2.5)
    ffi (1.10.0)
    minitest (5.14.1)
    public_suffix (4.0.6)
    rake (13.0.1)
    ruby-vips (2.0.17)
      ffi (~> 1.9)
    shrine (3.2.1)
      content_disposition (~> 1.0)
      down (~> 5.1)

PLATFORMS
  ruby

DEPENDENCIES
  minitest
  rake
  ruby-vips
  shrine-blurhash!

BUNDLED WITH
   2.1.4
